GEM
  remote: https://rubygems.org/
  specs:
    Ascii85 (1.1.1)
    addressable (2.8.6)
      public_suffix (>= 2.0.2, < 6.0)
    afm (0.2.2)
    async (2.12.0)
      console (~> 1.25, >= 1.25.2)
      fiber-annotation
      io-event (~> 1.6)
    bigdecimal (3.1.8)
    capsium (0.1.1)
      cssminify
      csv
      html-proofer
      htmlcompressor
      json
      listen
      marcel
      rubyzip (~> 2.3.2)
      scss_lint
      shale
      sqlite3
      thor
      uglifier
      webrick
      yaml
    console (1.25.2)
      fiber-annotation
      fiber-local (~> 1.1)
      json
    cssminify (1.0.2)
    csv (3.3.0)
    ethon (0.16.0)
      ffi (>= 1.15.0)
    execjs (2.9.1)
    ffi (1.17.0-aarch64-linux-gnu)
    ffi (1.17.0-aarch64-linux-musl)
    ffi (1.17.0-arm-linux-gnu)
    ffi (1.17.0-arm-linux-musl)
    ffi (1.17.0-arm64-darwin)
    ffi (1.17.0-x86-linux-gnu)
    ffi (1.17.0-x86-linux-musl)
    ffi (1.17.0-x86_64-darwin)
    ffi (1.17.0-x86_64-linux-gnu)
    ffi (1.17.0-x86_64-linux-musl)
    fiber-annotation (0.2.0)
    fiber-local (1.1.0)
      fiber-storage
    fiber-storage (0.1.1)
    hashery (2.1.2)
    html-proofer (5.0.9)
      addressable (~> 2.3)
      async (~> 2.1)
      nokogiri (~> 1.13)
      pdf-reader (~> 2.11)
      rainbow (~> 3.0)
      typhoeus (~> 1.3)
      yell (~> 2.0)
      zeitwerk (~> 2.5)
    htmlcompressor (0.4.0)
    io-event (1.6.0)
    json (2.7.2)
    listen (3.9.0)
      rb-fsevent (~> 0.10, >= 0.10.3)
      rb-inotify (~> 0.9, >= 0.9.10)
    marcel (1.0.4)
    nokogiri (1.16.5-aarch64-linux)
      racc (~> 1.4)
    nokogiri (1.16.5-arm-linux)
      racc (~> 1.4)
    nokogiri (1.16.5-arm64-darwin)
      racc (~> 1.4)
    nokogiri (1.16.5-x86-linux)
      racc (~> 1.4)
    nokogiri (1.16.5-x86_64-darwin)
      racc (~> 1.4)
    nokogiri (1.16.5-x86_64-linux)
      racc (~> 1.4)
    pdf-reader (2.12.0)
      Ascii85 (~> 1.0)
      afm (~> 0.2.1)
      hashery (~> 2.0)
      ruby-rc4
      ttfunk
    public_suffix (5.0.5)
    racc (1.8.0)
    rainbow (3.1.1)
    rb-fsevent (0.11.2)
    rb-inotify (0.11.1)
      ffi (~> 1.0)
    ruby-rc4 (0.1.5)
    rubyzip (2.3.2)
    sass (3.7.4)
      sass-listen (~> 4.0.0)
    sass-listen (4.0.0)
      rb-fsevent (~> 0.9, >= 0.9.4)
      rb-inotify (~> 0.9, >= 0.9.7)
    scss_lint (0.60.0)
      sass (~> 3.5, >= 3.5.5)
    shale (1.1.0)
      bigdecimal
    sqlite3 (2.0.2-aarch64-linux-gnu)
    sqlite3 (2.0.2-aarch64-linux-musl)
    sqlite3 (2.0.2-arm-linux-gnu)
    sqlite3 (2.0.2-arm-linux-musl)
    sqlite3 (2.0.2-arm64-darwin)
    sqlite3 (2.0.2-x86-linux-gnu)
    sqlite3 (2.0.2-x86-linux-musl)
    sqlite3 (2.0.2-x86_64-darwin)
    sqlite3 (2.0.2-x86_64-linux-gnu)
    sqlite3 (2.0.2-x86_64-linux-musl)
    thor (1.3.1)
    ttfunk (1.8.0)
      bigdecimal (~> 3.1)
    typhoeus (1.4.1)
      ethon (>= 0.9.0)
    uglifier (4.2.0)
      execjs (>= 0.3.0, < 3)
    webrick (1.8.1)
    yaml (0.3.0)
    yell (2.2.2)
    zeitwerk (2.6.15)

PLATFORMS
  aarch64-linux
  aarch64-linux-gnu
  aarch64-linux-musl
  arm-linux
  arm-linux-gnu
  arm-linux-musl
  arm64-darwin
  x86-linux
  x86-linux-gnu
  x86-linux-musl
  x86_64-darwin
  x86_64-linux
  x86_64-linux-gnu
  x86_64-linux-musl

DEPENDENCIES
  capsium

BUNDLED WITH
   2.5.11
